PATH
  remote: .
  specs:
    copyscape (0.0.2)
      httparty (~> 0.8.3)
      nokogiri (~> 1.5.2)

GEM
  remote: http://rubygems.org/
  specs:
    httparty (0.8.3)
      multi_json (~> 1.0)
      multi_xml
    mocha (0.9.8)
      rake
    multi_json (1.3.4)
    multi_xml (0.4.4)
    nokogiri (1.5.2)
    rake (0.8.7)
    shoulda-context (1.0.0.beta1)

PLATFORMS
  ruby

DEPENDENCIES
  bundler (>= 1.0.0)
  copyscape!
  mocha
  rake (= 0.8.7)
  shoulda-context
